GEM
  remote: http://rubygems.org/
  specs:
    sass (3.2.18)
    compass-core (1.0.3)
    compass (1.0.3)

PLATFORMS
  ruby

DEPENDENCIES
  compass-core
  compass
  sass
